PATH
  remote: .
  specs:
    orthoses-typeprof (0.1.0)
      orthoses
      typeprof

GEM
  remote: https://rubygems.org/
  specs:
    activesupport (7.0.3.1)
      concurrent-ruby (~> 1.0, >= 1.0.2)
      i18n (>= 1.6, < 2)
      minitest (>= 5.1)
      tzinfo (~> 2.0)
    ast (2.4.2)
    concurrent-ruby (1.1.10)
    debug (1.6.3)
      irb (>= 1.3.6)
      reline (>= 0.3.1)
    ffi (1.15.5)
    i18n (1.12.0)
      concurrent-ruby (~> 1.0)
    io-console (0.5.11)
    irb (1.4.2)
      reline (>= 0.3.0)
    language_server-protocol (3.16.0.3)
    listen (3.7.1)
      rb-fsevent (~> 0.10, >= 0.10.3)
      rb-inotify (~> 0.9, >= 0.9.10)
    minitest (5.16.2)
    orthoses (1.4.0)
      rbs (~> 2.0)
    parallel (1.22.1)
    parser (3.1.2.0)
      ast (~> 2.4.1)
    rainbow (3.1.1)
    rake (13.0.6)
    rb-fsevent (0.11.1)
    rb-inotify (0.10.1)
      ffi (~> 1.0)
    rbs (2.6.0)
    reline (0.3.1)
      io-console (~> 0.5)
    rgot (1.1.0)
    steep (1.1.1)
      activesupport (>= 5.1)
      language_server-protocol (>= 3.15, < 4.0)
      listen (~> 3.0)
      parallel (>= 1.0.0)
      parser (>= 3.1)
      rainbow (>= 2.2.2, < 4.0)
      rbs (>= 2.3.2)
      terminal-table (>= 2, < 4)
    terminal-table (3.0.2)
      unicode-display_width (>= 1.1.1, < 3)
    typeprof (0.21.3)
      rbs (>= 1.8.1)
    tzinfo (2.0.5)
      concurrent-ruby (~> 1.0)
    unicode-display_width (2.2.0)

PLATFORMS
  arm64-darwin-21

DEPENDENCIES
  debug
  orthoses-typeprof!
  rake (~> 13.0)
  rbs
  rgot (~> 1.1)
  steep

BUNDLED WITH
   2.3.16
