PATH
  remote: ../..
  specs:
    orthoses-typeprof (0.1.0)
      orthoses (>= 1.6.0)
      typeprof

GEM
  remote: https://rubygems.org/
  specs:
    orthoses (1.6.0)
      rbs (~> 3.0)
    rack (3.0.2)
    rake (13.0.6)
    rbs (3.0.4)
    typeprof (0.21.7)
      rbs (>= 1.8.1)

PLATFORMS
  arm64-darwin-21

DEPENDENCIES
  orthoses-typeprof!
  rack
  rake
  rbs

BUNDLED WITH
   2.3.26
